PATH
  remote: .
  specs:
    blue_eyes (0.0.1)
      rack (~> 2.2.4)

GEM
  remote: https://rubygems.org/
  specs:
    minitest (5.16.3)
    rack (2.2.4)
    rake (13.0.6)

PLATFORMS
  x86_64-darwin-21

DEPENDENCIES
  blue_eyes!
  minitest (~> 5.0)
  rake (~> 13.0)

BUNDLED WITH
   2.3.23
